PATH
  remote: .
  specs:
    rbacvis (0.1.0)
      activesupport
      colorize
      commander
      hashie
      redisgraph

GEM
  remote: https://rubygems.org/
  specs:
    activesupport (5.2.2)
      concurrent-ruby (~> 1.0, >= 1.0.2)
      i18n (>= 0.7, < 2)
      minitest (~> 5.1)
      tzinfo (~> 1.1)
    colorize (0.8.1)
    commander (4.4.7)
      highline (~> 2.0.0)
    concurrent-ruby (1.1.4)
    diff-lcs (1.3)
    hashie (3.6.0)
    highline (2.0.0)
    i18n (1.3.0)
      concurrent-ruby (~> 1.0)
    minitest (5.11.3)
    power_assert (1.1.3)
    rake (10.5.0)
    rdoc (6.0.4)
    redis (4.1.0)
    redisgraph (1.0.0)
      redis (~> 4)
      terminal-table (~> 1, >= 1.8)
    rspec (3.8.0)
      rspec-core (~> 3.8.0)
      rspec-expectations (~> 3.8.0)
      rspec-mocks (~> 3.8.0)
    rspec-core (3.8.0)
      rspec-support (~> 3.8.0)
    rspec-expectations (3.8.2)
      diff-lcs (>= 1.2.0, < 2.0)
      rspec-support (~> 3.8.0)
    rspec-mocks (3.8.0)
      diff-lcs (>= 1.2.0, < 2.0)
      rspec-support (~> 3.8.0)
    rspec-support (3.8.0)
    terminal-table (1.8.0)
      unicode-display_width (~> 1.1, >= 1.1.1)
    test-unit (3.2.9)
      power_assert
    thread_safe (0.3.6)
    tzinfo (1.2.5)
      thread_safe (~> 0.1)
    unicode-display_width (1.4.1)

PLATFORMS
  ruby

DEPENDENCIES
  bundler (~> 1.16)
  rake (~> 10.0)
  rbacvis!
  rdoc
  rspec (~> 3.0)
  test-unit

BUNDLED WITH
   1.16.1
